GEM
  specs:
    bio (1.5.0)
    trollop (2.1.2)

PLATFORMS
  ruby

DEPENDENCIES
  bio
  trollop

BUNDLED WITH
   1.10.6
